GEM
  remote: https://rubygems.org/
  specs:
    rack (3.1.13)
    rackup (2.2.1)
      rack (>= 3)

PLATFORMS
  ruby
  x86_64-linux

DEPENDENCIES
  rack (~> 3.1)
  rackup (~> 2.2)

BUNDLED WITH
   2.6.8
